RESTRICTION: || (== net462) (== net47)
NUGET
  remote: https://www.nuget.org/api/v2
    NUnit (3.12)
