RESTRICTION: == net462
NUGET
  remote: https://www.nuget.org/api/v2
    NUnit (3.9)
